GEM
  remote: https://rubygems.org/
  specs:
    artii (2.1.1)
    catpix (0.2.0)
      docopt (~> 0.5, >= 0.5.0)
      rmagick (~> 2.15, >= 2.15.2)
      ruby-terminfo (~> 0.1, >= 0.1.1)
      tco (~> 0.1, >= 0.1.8)
    chronic (0.10.2)
    colorize (0.7.7)
    docopt (0.5.0)
    formatador (0.2.5)
    rmagick (2.15.4)
    ruby-terminfo (0.1.1)
    tco (0.1.8)

PLATFORMS
  ruby

DEPENDENCIES
  artii
  catpix
  chronic
  colorize
  formatador

BUNDLED WITH
   1.11.2
