GEM
  remote: https://rubygems.org/
  specs:
    artii (2.1.1)
    chronic (0.10.2)
    colorize (0.7.7)
    formatador (0.2.5)

PLATFORMS
  ruby

DEPENDENCIES
  artii
  chronic
  colorize
  formatador

BUNDLED WITH
   1.11.2
